GEM
  remote: https://rubygems.org/
  specs:
    addressable (2.3.5)
    cookiejar (0.3.0)
    dotenv (0.9.0)
    em-http-request (1.1.1)
      addressable (>= 2.3.4)
      cookiejar
      em-socksify (>= 0.3)
      eventmachine (>= 1.0.3)
      http_parser.rb (>= 0.6.0.beta.2)
    em-socksify (0.3.0)
      eventmachine (>= 1.0.0.beta.4)
    eventmachine (1.0.3)
    faye (1.0.0)
      cookiejar (>= 0.3.0)
      em-http-request (>= 0.3.0)
      eventmachine (>= 0.12.0)
      faye-websocket (>= 0.7.0)
      multi_json (>= 1.0.0)
      rack (>= 1.0.0)
      websocket-driver (>= 0.3.0)
    faye-websocket (0.7.0)
      eventmachine (>= 0.12.0)
      websocket-driver (>= 0.3.0)
    foreman (0.63.0)
      dotenv (>= 0.7)
      thor (>= 0.13.6)
    frankenpins (0.3.0)
      unobservable (~> 0.11.0)
      wiringpi2 (~> 2.0.0)
    http_parser.rb (0.6.0.beta.2)
    multi_json (1.8.2)
    rack (1.5.2)
    thor (0.18.1)
    unobservable (0.11.0)
    websocket-driver (0.3.0)
    wiringpi2 (2.0.1)

PLATFORMS
  ruby

DEPENDENCIES
  faye
  foreman
  frankenpins
